GIT
  remote: https://github.com/schacon/showoff.git
  revision: d297bd29f3dd192548c6c3ca35900b46bc5bec90
  ref: d297bd
  specs:
    showoff (0.7.0)
      gli (~> 2)
      json
      nokogiri
      parslet
      redcarpet
      sinatra (~> 1.3)

GEM
  remote: https://rubygems.org/
  specs:
    blankslate (2.1.2.4)
    gli (2.5.4)
    json (1.7.7)
    nokogiri (1.5.6)
    parslet (1.5.0)
      blankslate (~> 2.0)
    pdfkit (0.5.3)
    rack (1.5.2)
    rack-protection (1.5.0)
      rack
    redcarpet (2.2.2)
    sinatra (1.3.5)
      rack (~> 1.4)
      rack-protection (~> 1.3)
      tilt (~> 1.3, >= 1.3.3)
    tilt (1.3.5)

PLATFORMS
  ruby

DEPENDENCIES
  pdfkit
  showoff!
